GEM
  remote: http://rubygems.org/
  specs:
    actionmailer (3.1.3)
      actionpack (= 3.1.3)
      mail (~> 2.3.0)
    actionpack (3.1.3)
      activemodel (= 3.1.3)
      activesupport (= 3.1.3)
      builder (~> 3.0.0)
      erubis (~> 2.7.0)
      i18n (~> 0.6)
      rack (~> 1.3.5)
      rack-cache (~> 1.1)
      rack-mount (~> 0.8.2)
      rack-test (~> 0.6.1)
      sprockets (~> 2.0.3)
    activemodel (3.1.3)
      activesupport (= 3.1.3)
      builder (~> 3.0.0)
      i18n (~> 0.6)
    activerecord (3.1.3)
      activemodel (= 3.1.3)
      activesupport (= 3.1.3)
      arel (~> 2.2.1)
      tzinfo (~> 0.3.29)
    activeresource (3.1.3)
      activemodel (= 3.1.3)
      activesupport (= 3.1.3)
    activesupport (3.1.3)
      multi_json (~> 1.0)
    addressable (2.3.6)
    ansi (1.4.3)
    arel (2.2.3)
    aws-s3 (0.6.3)
      builder
      mime-types
      xml-simple
    aws-sdk (1.59.0)
      aws-sdk-v1 (= 1.59.0)
    aws-sdk-v1 (1.59.0)
      json (~> 1.4)
      nokogiri (>= 1.4.4)
    bcrypt (3.1.9)
    bcrypt-ruby (3.1.5)
      bcrypt (>= 3.1.3)
    builder (3.0.4)
    client_side_validations (3.2.6)
    climate_control (0.0.3)
      activesupport (>= 3.0)
    cocaine (0.5.4)
      climate_control (>= 0.0.3, < 1.0)
    coffee-rails (3.1.1)
      coffee-script (>= 2.2.0)
      railties (~> 3.1.0)
    coffee-script (2.3.0)
      coffee-script-source
      execjs
    coffee-script-source (1.8.0)
    devise (1.4.9)
      bcrypt-ruby (~> 3.0)
      orm_adapter (~> 0.0.3)
      warden (~> 1.0.3)
    erubis (2.7.0)
    excon (0.41.0)
    execjs (2.2.2)
    faraday (0.9.0)
      multipart-post (>= 1.2, < 3)
    heroku-deflater (0.2.0)
    hike (1.2.3)
    i18n (0.6.11)
    jquery-rails (3.1.2)
      railties (>= 3.0, < 5.0)
      thor (>= 0.14, < 2.0)
    json (1.8.1)
    koala (1.10.1)
      addressable
      faraday
      multi_json
    mail (2.3.3)
      i18n (>= 0.4.0)
      mime-types (~> 1.16)
      treetop (~> 1.4.8)
    mandrill-api (1.0.53)
      excon (>= 0.16.0, < 1.0)
      json (>= 1.7.7, < 2.0)
    mandrill_mailer (0.4.11)
      actionpack
      activesupport
      mandrill-api (~> 1.0.9)
    mime-types (1.25.1)
    mini_portile (0.6.1)
    minitest (4.7.5)
    multi_json (1.10.1)
    multipart-post (2.0.0)
    nokogiri (1.6.4.1)
      mini_portile (~> 0.6.0)
    orm_adapter (0.0.7)
    paperclip (4.2.0)
      activemodel (>= 3.0.0)
      activesupport (>= 3.0.0)
      cocaine (~> 0.5.3)
      mime-types
    pg (0.17.1)
    polyglot (0.3.5)
    rack (1.3.10)
    rack-cache (1.2)
      rack (>= 0.4)
    rack-google_analytics (1.0.2)
      rack
    rack-mount (0.8.3)
      rack (>= 1.0.0)
    rack-ssl (1.3.4)
      rack
    rack-test (0.6.2)
      rack (>= 1.0)
    rails (3.1.3)
      actionmailer (= 3.1.3)
      actionpack (= 3.1.3)
      activerecord (= 3.1.3)
      activeresource (= 3.1.3)
      activesupport (= 3.1.3)
      bundler (~> 1.0)
      railties (= 3.1.3)
    rails_12factor (0.0.3)
      rails_serve_static_assets
      rails_stdout_logging
    rails_serve_static_assets (0.0.2)
    rails_stdout_logging (0.0.3)
    railties (3.1.3)
      actionpack (= 3.1.3)
      activesupport (= 3.1.3)
      rack-ssl (~> 1.3.2)
      rake (>= 0.8.7)
      rdoc (~> 3.4)
      thor (~> 0.14.6)
    rake (10.3.2)
    rdoc (3.12.2)
      json (~> 1.4)
    recaptcha (0.3.6)
    sass (3.2.13)
    sprockets (2.0.5)
      hike (~> 1.2)
      rack (~> 1.0)
      tilt (~> 1.1, != 1.3.0)
    thor (0.14.6)
    tilt (1.4.1)
    time_diff (0.3.0)
      activesupport
      i18n
    treetop (1.4.15)
      polyglot
      polyglot (>= 0.3.1)
    turn (0.9.7)
      ansi
      minitest (~> 4)
    tzinfo (0.3.42)
    uglifier (2.5.3)
      execjs (>= 0.3.0)
      json (>= 1.8.0)
    warden (1.0.6)
      rack (>= 1.0)
    xml-simple (1.1.4)

PLATFORMS
  ruby

DEPENDENCIES
  aws-s3
  aws-sdk
  client_side_validations
  coffee-rails (~> 3.1.0)
  devise (~> 1.4.3)
  heroku-deflater
  jquery-rails
  koala
  mandrill_mailer (= 0.4.11)
  paperclip
  pg
  rack-google_analytics
  rails (= 3.1.3)
  rails_12factor
  recaptcha
  sass (= 3.2.13)
  sprockets
  time_diff
  turn
  uglifier
